PATH
  remote: .
  specs:
    core (0.1.0)

GEM
  remote: https://rubygems.org/
  specs:

PLATFORMS
  ruby

DEPENDENCIES
  core!

BUNDLED WITH
   2.1.4
